GEM
  remote: http://rubygems.org/
  specs:
    activerecord (1.6.0)
    activesupport (4.0.0)
      i18n (~> 0.6, >= 0.6.4)
      minitest (~> 4.2)
      multi_json (~> 1.3)
      thread_safe (~> 0.1)
      tzinfo (~> 0.3.37)
    atomic (1.1.14)
    backports (3.3.4)
    builder (3.2.2)
    daemons (1.1.9)
    eventmachine (1.0.3)
    eventmachine (1.0.3-x86-mingw32)
    faker (1.2.0)
      i18n (~> 0.5)
    i18n (0.6.5)
    jwt (0.1.8)
      multi_json (>= 1.5)
    minitest (4.7.5)
    multi_json (1.8.0)
    pg (0.17.0)
    pg (0.17.0-x86-mingw32)
    rack (1.5.2)
    rack-protection (1.5.0)
      rack
    rack-test (0.6.2)
      rack (>= 1.0)
    rake (10.1.0)
    shotgun (0.9)
      rack (>= 1.0)
    sinatra (1.4.3)
      rack (~> 1.4)
      rack-protection (~> 1.4)
      tilt (~> 1.3, >= 1.3.4)
    sinatra-contrib (1.4.1)
      backports (>= 2.0)
      multi_json
      rack-protection
      rack-test
      sinatra (~> 1.4.0)
      tilt (~> 1.3)
    thin (1.6.0)
      daemons (>= 1.0.9)
      eventmachine (>= 1.0.0)
      rack (>= 1.5.0)
    thread_safe (0.1.3)
      atomic
    tilt (1.4.1)
    twilio-ruby (3.11.1)
      builder (>= 2.1.2)
      jwt (>= 0.1.2)
      multi_json (>= 1.3.0)
    tzinfo (0.3.37)

PLATFORMS
  ruby
  x86-mingw32

DEPENDENCIES
  activerecord
  activesupport
  faker
  pg
  rake
  shotgun
  sinatra
  sinatra-contrib
  thin
  twilio-ruby
